GEM
  remote: https://rubygems.org/
  specs:
    hoe (3.13.1)
      rake (>= 0.8, < 11.0)
    rake (10.4.2)
    rdoc2md (0.1.1)
    shoulda-context (1.2.1)

PLATFORMS
  ruby

DEPENDENCIES
  hoe
  rdoc2md
  shoulda-context

BUNDLED WITH
   1.10.4
